GEM
  remote: http://rubygems.org/
  specs:
    activesupport (3.0.4)
    crack (0.1.8)
    git (1.2.5)
    i18n (0.5.0)
    jeweler (1.5.2)
      bundler (~> 1.0.0)
      git (>= 1.2.5)
      rake
    mail (2.2.15)
      activesupport (>= 2.3.6)
      i18n (>= 0.4.0)
      mime-types (~> 1.16)
      treetop (~> 1.4.8)
    mime (0.1)
    mime-types (1.16)
    polyglot (0.3.1)
    rake (0.8.7)
    rcov (0.9.9)
    ruby-gmail (0.2.1)
      mail (>= 2.2.1)
      shared-mime-info
    shared-mime-info (0.1)
    shoulda (2.11.3)
    treetop (1.4.9)
      polyglot (>= 0.3.1)
    trollop (1.16.2)

PLATFORMS
  ruby

DEPENDENCIES
  bundler (~> 1.0.0)
  crack
  jeweler (~> 1.5.2)
  mime
  rcov
  ruby-gmail
  shoulda
  trollop
